GEM
  remote: https://rubygems.org/
  specs:
    byebug (10.0.0)
    http_parser.rb (0.6.0)

PLATFORMS
  ruby

DEPENDENCIES
  byebug
  http_parser.rb

BUNDLED WITH
   1.16.1
